PATH
  remote: .
  specs:
    sidekiq-datadog (0.6.0)
      dogstatsd-ruby (>= 5.6.0)
      sidekiq (>= 6.4.0)

GEM
  remote: https://rubygems.org/
  specs:
    ast (2.4.2)
    connection_pool (2.4.1)
    diff-lcs (1.5.0)
    dogstatsd-ruby (5.6.1)
    json (2.7.1)
    parallel (1.23.0)
    parser (3.2.2.4)
      ast (~> 2.4.1)
      racc
    racc (1.7.3)
    rack (2.2.8.1)
    rainbow (3.1.1)
    rake (13.1.0)
    redis (4.8.1)
    regexp_parser (2.8.3)
    rexml (3.2.6)
    rspec (3.12.0)
      rspec-core (~> 3.12.0)
      rspec-expectations (~> 3.12.0)
      rspec-mocks (~> 3.12.0)
    rspec-core (3.12.2)
      rspec-support (~> 3.12.0)
    rspec-expectations (3.12.3)
      diff-lcs (>= 1.2.0, < 2.0)
      rspec-support (~> 3.12.0)
    rspec-mocks (3.12.6)
      diff-lcs (>= 1.2.0, < 2.0)
      rspec-support (~> 3.12.0)
    rspec-support (3.12.1)
    rubocop (1.50.2)
      json (~> 2.3)
      parallel (~> 1.10)
      parser (>= 3.2.0.0)
      rainbow (>= 2.2.2, < 4.0)
      regexp_parser (>= 1.8, < 3.0)
      rexml (>= 3.2.5, < 4.0)
      rubocop-ast (>= 1.28.0, < 2.0)
      ruby-progressbar (~> 1.7)
      unicode-display_width (>= 2.4.0, < 3.0)
    rubocop-ast (1.30.0)
      parser (>= 3.2.1.0)
    rubocop-bsm (0.6.0)
      rubocop (~> 1.0)
      rubocop-performance
      rubocop-rake
      rubocop-rspec
    rubocop-performance (1.17.1)
      rubocop (>= 1.7.0, < 2.0)
      rubocop-ast (>= 0.4.0)
    rubocop-rake (0.5.1)
      rubocop
    rubocop-rspec (2.4.0)
      rubocop (~> 1.0)
      rubocop-ast (>= 1.1.0)
    ruby-progressbar (1.13.0)
    sidekiq (6.5.12)
      connection_pool (>= 2.2.5, < 3)
      rack (~> 2.0)
      redis (>= 4.5.0, < 5)
    timecop (0.9.8)
    unicode-display_width (2.5.0)

PLATFORMS
  ruby

DEPENDENCIES
  bundler
  rake
  rspec
  rubocop-bsm
  rubocop-performance
  sidekiq-datadog!
  timecop

BUNDLED WITH
   2.2.19
